GEM
  remote: https://rubygems.org/
  specs:
    crack (0.1.8)
    haml (3.1.4)
    httparty (0.8.1)
      multi_json
      multi_xml
    json (1.6.6)
    multi_json (1.3.1)
    multi_xml (0.4.4)
    neography (0.0.25)
      crack (= 0.1.8)
      httparty (= 0.8.1)
      json
      os
      rake (>= 0.8.7)
      rubyzip
    net-http-spy (0.2.1)
    os (0.9.6)
    rack (1.4.1)
    rack-protection (1.2.0)
      rack
    rake (0.9.2.2)
    rubyzip (0.9.7)
    sinatra (1.3.2)
      rack (>= 1.3.6, ~> 1.3)
      rack-protection (~> 1.2)
      tilt (>= 1.3.3, ~> 1.3)
    tilt (1.3.3)

PLATFORMS
  x86-mingw32

DEPENDENCIES
  haml
  json
  neography
  net-http-spy
  sinatra
